GEM
  remote: https://rubygems.org/
  specs:
    cli-ui (2.2.3)
    rugged (1.7.2)

PLATFORMS
  ruby
  x86_64-darwin-23

DEPENDENCIES
  cli-ui
  rugged

RUBY VERSION
   ruby 3.3.3p89

BUNDLED WITH
   2.5.15
