GEM
  remote: https://rubygems.org/
  specs:
    rugged (1.7.2)
    shopify_cli (1.0.5)

PLATFORMS
  ruby
  x86_64-darwin-23

DEPENDENCIES
  rugged
  shopify_cli

RUBY VERSION
   ruby 3.3.3p89

BUNDLED WITH
   2.5.15
